PATH
  remote: .
  specs:
    cloud-crowd (0.6.2)
      activerecord (~> 2.3)
      json (>= 1.1.7)
      mimemagic (>= 0.2.0)
      rest-client (>= 1.4)
      sinatra (~> 1.2.6)
      thin (>= 1.2.4)

GEM
  remote: https://rubygems.org/
  specs:
    activerecord (2.3.17)
      activesupport (= 2.3.17)
    activesupport (2.3.17)
    daemons (1.1.9)
    eventmachine (1.0.0)
    faker (1.1.2)
      i18n (~> 0.5)
    i18n (0.6.1)
    json (1.7.7)
    metaclass (0.0.1)
    mime-types (1.21)
    mimemagic (0.2.0)
    mocha (0.13.2)
      metaclass (~> 0.0.1)
    rack (1.5.2)
    rack-test (0.6.2)
      rack (>= 1.0)
    rake (10.0.3)
    rest-client (1.6.7)
      mime-types (>= 1.16)
    sinatra (1.2.8)
      rack (~> 1.1)
      tilt (>= 1.2.2, < 2.0)
    thin (1.5.0)
      daemons (>= 1.0.9)
      eventmachine (>= 0.12.6)
      rack (>= 1.0.0)
    thoughtbot-shoulda (2.11.1)
    tilt (1.3.3)

PLATFORMS
  ruby

DEPENDENCIES
  cloud-crowd!
  faker (>= 0.3.1)
  mocha (>= 0.9.7)
  rack-test (>= 0.4.1)
  rake
  thoughtbot-shoulda (>= 2.10.2)
